GEM
  remote: http://rubygems.org/
  specs:
    nokogiri (1.5.5)
    rake (10.0.2)

PLATFORMS
  ruby

DEPENDENCIES
  nokogiri
  rake
